GEM
  remote: https://rubygems.org/
  specs:
    chunky_png (1.3.11)
    coderay (1.1.2)
    curses (1.4.2)
    method_source (1.0.0)
    pry (0.13.0)
      coderay (~> 1.1)
      method_source (~> 1.0)
    yard (0.9.26)

PLATFORMS
  ruby

DEPENDENCIES
  chunky_png
  curses
  pry
  yard

BUNDLED WITH
   2.1.4
